GEM
  remote: https://rubygems.org/
  specs:
    retryable (3.0.5)

PLATFORMS
  x86_64-linux

DEPENDENCIES
  retryable (~> 3.0.0)

BUNDLED WITH
   2.2.33
