GIT
  remote: https://github.com/ksss/rbs.git
  revision: 1b2af8d5f10c6bc3846ff56cc09c29b7915f4ee7
  branch: block
  specs:
    rbs (2.7.0)

GEM
  remote: https://rubygems.org/
  specs:
    rake (13.0.6)

PLATFORMS
  arm64-darwin-21

DEPENDENCIES
  rake
  rbs!

BUNDLED WITH
   2.3.16
