GEM
  remote: https://rubygems.org/
  specs:
    orthoses (1.3.0)
      rbs (~> 2.0)
    orthoses-yard (0.2.0)
      orthoses (~> 1.3.0)
      yard
    rack (3.0.6.1)
    rake (13.0.6)
    rbs (2.7.0)
    webrick (1.7.0)
    yard (0.9.28)
      webrick (~> 1.7.0)

PLATFORMS
  arm64-darwin-21
  x86_64-linux

DEPENDENCIES
  orthoses
  orthoses-yard
  rack
  rake
  yard

BUNDLED WITH
   2.3.16
