GEM
  remote: https://rubygems.org/
  specs:
    orthoses (1.12.0)
      rbs (~> 3.0)
    orthoses-yard (0.6.0)
      orthoses (>= 1.5.0, < 2.0)
      yard
    rack (3.0.8)
    rackup (2.1.0)
      rack (>= 3)
      webrick (~> 1.8)
    rake (13.0.6)
    rbs (3.2.2)
    webrick (1.8.1)
    yard (0.9.34)

PLATFORMS
  arm64-darwin-21
  arm64-darwin-22

DEPENDENCIES
  orthoses
  orthoses-yard
  rack
  rackup
  rake
  yard

BUNDLED WITH
   2.4.8
