GEM
  remote: https://rubygems.org/
  specs:
    activesupport (7.0.6)
      concurrent-ruby (~> 1.0, >= 1.0.2)
      i18n (>= 1.6, < 2)
      minitest (>= 5.1)
      tzinfo (~> 2.0)
    concurrent-ruby (1.2.2)
    i18n (1.14.1)
      concurrent-ruby (~> 1.0)
    jmespath (1.6.2)
    json (2.6.3)
    kramdown (2.4.0)
      rexml
    minitest (5.18.1)
    mustache (1.1.1)
    rake (13.0.6)
    rbs (3.1.0)
    rexml (3.2.5)
    tzinfo (2.0.6)
      concurrent-ruby (~> 1.0)

PLATFORMS
  arm64-darwin-21
  arm64-darwin-22
  x86_64-darwin-21
  x86_64-linux

DEPENDENCIES
  activesupport
  jmespath
  json
  kramdown
  mustache
  rake
  rbs

RUBY VERSION
   ruby 3.1.1p18

BUNDLED WITH
   2.3.3
