GEM
  remote: https://rubygems.org/
  specs:
    abbrev (0.1.2)
    orthoses (1.13.0)
      rbs (~> 3.0)
    orthoses-yard (0.6.0)
      orthoses (>= 1.5.0, < 2.0)
      yard
    rack (3.0.10)
    rackup (2.1.0)
      rack (>= 3)
      webrick (~> 1.8)
    rake (13.2.0)
    rbs (3.4.4)
      abbrev
    webrick (1.8.1)
    yard (0.9.36)

PLATFORMS
  arm64-darwin-21
  arm64-darwin-22

DEPENDENCIES
  orthoses
  orthoses-yard
  rack
  rackup
  rake
  yard

BUNDLED WITH
   2.4.8
